PATH
  remote: .
  specs:
    repo_downloader (0.1.0)
      dotenv (~> 2.7.6)
      git (~> 1.9.1)
      gitlab (~> 4.17.0)
      mixlib-log (~> 3.0.9)
      parallel (~> 1.20.1)
      tty-cursor (~> 0.7.1)

GEM
  remote: https://rubygems.org/
  specs:
    ast (2.4.2)
    base64 (0.1.1)
    dotenv (2.7.6)
    git (1.9.1)
      rchardet (~> 1.8)
    gitlab (4.17.0)
      httparty (~> 0.18)
      terminal-table (~> 1.5, >= 1.5.1)
    httparty (0.21.0)
      mini_mime (>= 1.0.0)
      multi_xml (>= 0.5.2)
    json (2.6.3)
    language_server-protocol (3.17.0.3)
    mini_mime (1.1.5)
    mixlib-log (3.0.9)
    multi_xml (0.6.0)
    parallel (1.20.1)
    parser (3.2.2.3)
      ast (~> 2.4.1)
      racc
    racc (1.7.1)
    rainbow (3.1.1)
    rchardet (1.8.0)
    regexp_parser (2.8.1)
    rexml (3.2.6)
    rubocop (1.56.2)
      base64 (~> 0.1.1)
      json (~> 2.3)
      language_server-protocol (>= 3.17.0)
      parallel (~> 1.10)
      parser (>= 3.2.2.3)
      rainbow (>= 2.2.2, < 4.0)
      regexp_parser (>= 1.8, < 3.0)
      rexml (>= 3.2.5, < 4.0)
      rubocop-ast (>= 1.28.1, < 2.0)
      ruby-progressbar (~> 1.7)
      unicode-display_width (>= 2.4.0, < 3.0)
    rubocop-ast (1.29.0)
      parser (>= 3.2.1.0)
    ruby-progressbar (1.13.0)
    terminal-table (1.6.0)
    tty-cursor (0.7.1)
    unicode-display_width (2.4.2)

PLATFORMS
  aarch64-linux
  x86_64-linux

DEPENDENCIES
  repo_downloader!
  rubocop

BUNDLED WITH
   2.3.7
