PATH
  remote: .
  specs:
    repo_downloader (0.1.0)
      dotenv (~> 2.7.6)
      git (~> 1.9.1)
      gitlab (~> 4.17.0)
      mixlib-log (~> 3.0.9)
      parallel (~> 1.20.1)

GEM
  remote: https://rubygems.org/
  specs:
    dotenv (2.7.6)
    git (1.9.1)
      rchardet (~> 1.8)
    gitlab (4.17.0)
      httparty (~> 0.18)
      terminal-table (~> 1.5, >= 1.5.1)
    httparty (0.18.1)
      mime-types (~> 3.0)
      multi_xml (>= 0.5.2)
    mime-types (3.3.1)
      mime-types-data (~> 3.2015)
    mime-types-data (3.2021.0704)
    mixlib-log (3.0.9)
    multi_xml (0.6.0)
    parallel (1.20.1)
    rchardet (1.8.0)
    terminal-table (1.8.0)
      unicode-display_width (~> 1.1, >= 1.1.1)
    unicode-display_width (1.7.0)

PLATFORMS
  x86_64-linux

DEPENDENCIES
  dotenv (~> 2.7.6)
  git (~> 1.9.1)
  gitlab (~> 4.17.0)
  mixlib-log (~> 3.0.9)
  parallel (~> 1.20.1)
  repo_downloader!

BUNDLED WITH
   2.2.15
